FRAMEWORK: >= NET45
NUGET
  remote: https://nuget.org/api/v2
  specs:
    Alea.CUDA (2.2.0.3307)
    Alea.CUDA.IL (2.2.0.3307)
      Alea.CUDA (2.2.0.3307)
      Alea.IL (2.2.0.3307)
    Alea.CUDA.Unbound (2.2.0.3307)
      Alea.CUDA (2.2.0.3307)
      Alea.CUDA.IL (2.2.0.3307)
      Alea.IL (2.2.0.3307)
    Alea.IL (2.2.0.3307)
    FSharp.Core (3.1.2.5)
    FsUnit (1.4.0.0)
      FSharp.Core (>= 3.1.2.5)
      NUnit (2.6.4)
    NUnit (2.6.4)
